PATH
  remote: .
  specs:
    panacea-rails (0.2.1)
      bundler (~> 1)
      slop (~> 4.6)
      tty-prompt (~> 0.17)

GEM
  remote: https://rubygems.org/
  specs:
    ast (2.4.0)
    equatable (0.6.1)
    jaro_winkler (1.5.1)
    minitest (5.11.3)
    necromancer (0.5.0)
    parallel (1.12.1)
    parser (2.5.1.2)
      ast (~> 2.4.0)
    pastel (0.7.3)
      equatable (~> 0.6)
      tty-color (~> 0.5)
    powerpack (0.1.2)
    rainbow (3.0.0)
    rake (13.0.1)
    rdoc (6.3.2)
    rubocop (0.58.2)
      jaro_winkler (~> 1.5.1)
      parallel (~> 1.10)
      parser (>= 2.5, != 2.5.1.1)
      powerpack (~> 0.1)
      rainbow (>= 2.2.2, < 4.0)
      ruby-progressbar (~> 1.7)
      unicode-display_width (~> 1.0, >= 1.0.1)
    ruby-progressbar (1.9.0)
    sdoc (1.0.0)
      rdoc (>= 5.0)
    slop (4.7.0)
    tty-color (0.5.0)
    tty-cursor (0.7.0)
    tty-prompt (0.19.0)
      necromancer (~> 0.5.0)
      pastel (~> 0.7.0)
      tty-reader (~> 0.6.0)
    tty-reader (0.6.0)
      tty-cursor (~> 0.7)
      tty-screen (~> 0.7)
      wisper (~> 2.0.0)
    tty-screen (0.7.0)
    unicode-display_width (1.4.0)
    wisper (2.0.1)

PLATFORMS
  ruby

DEPENDENCIES
  minitest (~> 5.0)
  panacea-rails!
  rake (~> 13.0)
  rubocop (~> 0.58)
  sdoc (~> 1.0)

BUNDLED WITH
   1.17.2
